GEM
  remote: https://rubygems.org/
  specs:
    os (1.1.4)

PLATFORMS
  ruby
  x86_64-linux

DEPENDENCIES
  os

BUNDLED WITH
   2.5.22
